STORAGE: NONE
RESTRICTION: || (== net5.0) (== netstandard2.0) (== netstandard2.1)
NUGET
  remote: https://api.nuget.org/v3/index.json
    equinox (3.0.6)
      FSharp.Core (>= 4.3.4)
      Serilog (>= 2.7.1)
    FSharp.Core (6.0.3)
    Serilog (2.10)
